PATH
  remote: .
  specs:
    vipuls_fast_track (0.1.0)

GEM
  remote: https://rubygems.org/
  specs:

PLATFORMS
  ruby

DEPENDENCIES
  vipuls_fast_track!

BUNDLED WITH
   2.1.4
